GEM
  remote: http://rubygems.org/
  specs:
    git (1.2.5)
    httparty (0.8.1)
      multi_json
      multi_xml
    jeweler (1.6.4)
      bundler (~> 1.0)
      git (>= 1.2.5)
      rake
    json (1.6.3)
    multi_json (1.0.4)
    multi_xml (0.4.1)
    rake (0.8.7)
    xmpp4r (0.5)

PLATFORMS
  ruby

DEPENDENCIES
  httparty
  jeweler
  json
  xmpp4r
